GEM
  remote: https://rubygems.org/
  specs:
    date (3.4.1)
    dotenv (3.1.8)
    erb (5.1.3)
    io-console (0.8.1)
    irb (1.15.2)
      pp (>= 0.6.0)
      rdoc (>= 4.0.0)
      reline (>= 0.4.2)
    pg (1.6.2)
    pg (1.6.2-aarch64-linux)
    pg (1.6.2-aarch64-linux-musl)
    pg (1.6.2-arm64-darwin)
    pg (1.6.2-x86_64-darwin)
    pg (1.6.2-x86_64-linux)
    pg (1.6.2-x86_64-linux-musl)
    pp (0.6.3)
      prettyprint
    prettyprint (0.2.0)
    psych (5.2.6)
      date
      stringio
    rdoc (6.15.0)
      erb
      psych (>= 4.0.0)
      tsort
    reline (0.6.2)
      io-console (~> 0.5)
    stringio (3.1.7)
    tsort (0.2.0)

PLATFORMS
  aarch64-linux
  aarch64-linux-musl
  arm64-darwin
  ruby
  x86_64-darwin
  x86_64-linux
  x86_64-linux-musl

DEPENDENCIES
  dotenv
  irb
  pg

BUNDLED WITH
   2.6.9
